GIT
  remote: git://github.com/argosity/stockor-core.git
  revision: 5e285749ccb5ea0b386dc16954fab4568f92df05
  branch: master
  specs:
    stockor-core (0.2)
      aasm (~> 3.1)
      activerecord (~> 4.1)
      pg (~> 0.17)
      require_all (~> 1.3)

GIT
  remote: git://github.com/nathanstitt/faker.git
  revision: ce975663a8b7a9f6dd8d5321add90d3bd7750705
  specs:
    faker (1.2.0)
      i18n (~> 0.5)

GEM
  remote: https://rubygems.org/
  specs:
    aasm (3.2.0)
    activemodel (4.1.1)
      activesupport (= 4.1.1)
      builder (~> 3.1)
    activerecord (4.1.1)
      activemodel (= 4.1.1)
      activesupport (= 4.1.1)
      arel (~> 5.0.0)
    activesupport (4.1.1)
      i18n (~> 0.6, >= 0.6.9)
      json (~> 1.7, >= 1.7.7)
      minitest (~> 5.1)
      thread_safe (~> 0.1)
      tzinfo (~> 1.1)
    arel (5.0.1.20140414130214)
    builder (3.2.2)
    faraday (0.9.0)
      multipart-post (>= 1.2, < 3)
    hashie (3.0.0)
    highline (1.6.21)
    httmultiparty (0.3.14)
      httparty (>= 0.7.3)
      mimemagic
      multipart-post
    httparty (0.13.1)
      json (~> 1.8)
      multi_xml (>= 0.5.2)
    i18n (0.6.9)
    json (1.8.1)
    jwt (1.0.0)
    mail (2.6.1)
      mime-types (>= 1.16, < 3)
    mime-types (2.3)
    mimemagic (0.2.1)
    minitest (5.3.4)
    multi_json (1.10.1)
    multi_xml (0.5.5)
    multipart-post (2.0.0)
    oauth2 (0.9.4)
      faraday (>= 0.8, < 0.10)
      jwt (~> 1.0)
      multi_json (~> 1.3)
      multi_xml (~> 0.5)
      rack (~> 1.2)
    oj (2.9.5)
    pg (0.17.1)
    rack (1.5.2)
    require_all (1.3.2)
    rest-client (1.6.7)
      mime-types (>= 1.16)
    thread_safe (0.3.4)
    trollop (2.0)
    tzinfo (1.2.1)
      thread_safe (~> 0.1)

PLATFORMS
  ruby

DEPENDENCIES
  faker!
  hashie
  highline
  httmultiparty
  mail
  oauth2
  oj
  rest-client
  stockor-core!
  trollop
