PATH
  remote: ../forks/faker
  specs:
    faker (1.2.0)
      i18n (~> 0.5)

GEM
  remote: https://rubygems.org/
  specs:
    active_support (3.0.0)
      activesupport (= 3.0.0)
    activesupport (3.0.0)
    faraday (0.8.8)
      multipart-post (~> 1.2.0)
    hashie (2.0.5)
    highline (1.6.19)
    httmultiparty (0.3.10)
      httparty (>= 0.7.3)
      multipart-post
    httparty (0.11.0)
      multi_json (~> 1.0)
      multi_xml (>= 0.5.2)
    httpauth (0.2.0)
    i18n (0.6.5)
    jwt (0.1.8)
      multi_json (>= 1.5)
    mail (2.5.4)
      mime-types (~> 1.16)
      treetop (~> 1.4.8)
    mime-types (1.25)
    multi_json (1.8.0)
    multi_xml (0.5.5)
    multipart-post (1.2.0)
    oauth2 (0.9.2)
      faraday (~> 0.8)
      httpauth (~> 0.2)
      jwt (~> 0.1.4)
      multi_json (~> 1.0)
      multi_xml (~> 0.5)
      rack (~> 1.2)
    oj (2.1.4)
    polyglot (0.3.3)
    rack (1.5.2)
    rest-client (1.6.7)
      mime-types (>= 1.16)
    treetop (1.4.15)
      polyglot
      polyglot (>= 0.3.1)
    trollop (2.0)

PLATFORMS
  ruby

DEPENDENCIES
  active_support
  faker!
  hashie
  highline
  httmultiparty
  mail
  oauth2
  oj
  rest-client
  trollop
